GEM
  remote: https://rubygems.org/
  specs:
    wavefile (0.6.0)

PLATFORMS
  ruby

DEPENDENCIES
  wavefile (= 0.6.0)

BUNDLED WITH
   1.10.5
